PATH
  remote: .
  specs:
    tesseract-ocr (0.1.8)
      call-me
      ffi-extra
      ffi-inline
      iso-639

GEM
  remote: https://rubygems.org/
  specs:
    call-me (0.0.2.3)
      refining
    diff-lcs (1.2.5)
    ffi (1.9.10)
    ffi-extra (0.1.0)
      ffi
    ffi-inline (0.0.4.3)
      ffi (>= 0.4.0)
    iso-639 (0.2.5)
    rake (10.4.2)
    refining (0.0.5.5)
    rspec (2.99.0)
      rspec-core (~> 2.99.0)
      rspec-expectations (~> 2.99.0)
      rspec-mocks (~> 2.99.0)
    rspec-core (2.99.2)
    rspec-expectations (2.99.2)
      diff-lcs (>= 1.1.3, < 2.0)
    rspec-mocks (2.99.4)

PLATFORMS
  ruby

DEPENDENCIES
  bundler
  rake
  rspec
  tesseract-ocr!

BUNDLED WITH
   1.10.6
